GEM
  remote: http://rubygems.org/
  specs:
    addressable (2.3.6)
    bson (1.11.1)
    bson_ext (1.11.1)
      bson (~> 1.11.1)
    daemons (1.1.9)
    eventmachine (1.0.3)
    faraday (0.9.0)
      multipart-post (>= 1.2, < 3)
    httparty (0.13.3)
      json (~> 1.8)
      multi_xml (>= 0.5.2)
    json (1.8.1)
    koala (1.10.1)
      addressable
      faraday
      multi_json
    mongo (1.11.1)
      bson (= 1.11.1)
    multi_json (1.10.1)
    multi_xml (0.5.5)
    multipart-post (2.0.0)
    rack (1.5.2)
    rack-protection (1.5.3)
      rack
    rake (10.4.2)
    ruby-debug-ide (0.4.24)
      rake (>= 0.8.1)
    sinatra (1.4.5)
      rack (~> 1.4)
      rack-protection (~> 1.4)
      tilt (~> 1.3, >= 1.3.4)
    thin (1.6.3)
      daemons (~> 1.0, >= 1.0.9)
      eventmachine (~> 1.0)
      rack (~> 1.0)
    tilt (1.4.1)

PLATFORMS
  ruby

DEPENDENCIES
  bson_ext
  httparty
  json
  koala
  mongo
  ruby-debug-ide
  sinatra
  thin
